GEM
  remote: http://rubygems.org/
  specs:
    diff-lcs (1.1.3)
    em-synchrony (1.0.0)
      eventmachine (>= 1.0.0.beta.1)
    eventmachine (1.0.0.beta.4)
    rake (0.9.2.2)
    rspec (2.9.0)
      rspec-core (~> 2.9.0)
      rspec-expectations (~> 2.9.0)
      rspec-mocks (~> 2.9.0)
    rspec-core (2.9.0)
    rspec-expectations (2.9.1)
      diff-lcs (~> 1.1.3)
    rspec-mocks (2.9.0)
    whois (2.5.0)

PLATFORMS
  ruby

DEPENDENCIES
  em-synchrony
  rake
  rspec
  whois (= 2.5.0)
